GEM
  remote: https://rubygems.org/
  specs:
    activemodel (5.2.0)
      activesupport (= 5.2.0)
    activerecord (5.2.0)
      activemodel (= 5.2.0)
      activesupport (= 5.2.0)
      arel (>= 9.0)
    activesupport (5.2.0)
      concurrent-ruby (~> 1.0, >= 1.0.2)
      i18n (>= 0.7, < 2)
      minitest (~> 5.1)
      tzinfo (~> 1.1)
    addressable (2.5.2)
      public_suffix (>= 2.0.2, < 4.0)
    arel (9.0.0)
    backports (3.11.3)
    concurrent-ruby (1.0.5)
    daemons (1.2.6)
    domain_name (0.5.20180417)
      unf (>= 0.0.5, < 1.0.0)
    eventmachine (1.2.6)
    faraday (0.12.2)
      multipart-post (>= 1.2, < 3)
    ffi (1.9.23)
    http (3.3.0)
      addressable (~> 2.3)
      http-cookie (~> 1.0)
      http-form_data (~> 2.0)
      http_parser.rb (~> 0.6.0)
    http-cookie (1.0.3)
      domain_name (~> 0.5)
    http-form_data (2.1.0)
    http_parser.rb (0.6.0)
    i18n (1.0.1)
      concurrent-ruby (~> 1.0)
    jwt (1.5.6)
    minitest (5.11.3)
    mstdn_ivory (0.1.0)
      http (~> 3.3)
      oauth2 (~> 1.4)
      oj (~> 3.5)
    multi_json (1.13.1)
    multi_xml (0.6.0)
    multipart-post (2.0.0)
    mustermann (1.0.2)
    oauth2 (1.4.0)
      faraday (>= 0.8, < 0.13)
      jwt (~> 1.0)
      multi_json (~> 1.3)
      multi_xml (~> 0.5)
      rack (>= 1.2, < 3)
    oj (3.5.1)
    pg (1.0.0)
    public_suffix (3.0.2)
    rack (2.0.5)
    rack-protection (2.0.1)
      rack
    rake (12.3.1)
    rb-fsevent (0.10.3)
    rb-inotify (0.9.10)
      ffi (>= 0.5.0, < 2)
    sass (3.5.6)
      sass-listen (~> 4.0.0)
    sass-listen (4.0.0)
      rb-fsevent (~> 0.9, >= 0.9.4)
      rb-inotify (~> 0.9, >= 0.9.7)
    sinatra (2.0.1)
      mustermann (~> 1.0)
      rack (~> 2.0)
      rack-protection (= 2.0.1)
      tilt (~> 2.0)
    sinatra-contrib (2.0.1)
      backports (>= 2.0)
      multi_json
      mustermann (~> 1.0)
      rack-protection (= 2.0.1)
      sinatra (= 2.0.1)
      tilt (>= 1.3, < 3)
    slim (3.0.9)
      temple (>= 0.7.6, < 0.9)
      tilt (>= 1.3.3, < 2.1)
    sqlite3 (1.3.13)
    temple (0.8.0)
    thin (1.7.2)
      daemons (~> 1.0, >= 1.0.9)
      eventmachine (~> 1.0, >= 1.0.4)
      rack (>= 1, < 3)
    thread_safe (0.3.6)
    tilt (2.0.8)
    tzinfo (1.2.5)
      thread_safe (~> 0.1)
    unf (0.1.4)
      unf_ext
    unf_ext (0.0.7.5)

PLATFORMS
  ruby

DEPENDENCIES
  activerecord
  mstdn_ivory
  pg
  rake
  sass
  sinatra
  sinatra-contrib
  slim
  sqlite3
  thin

BUNDLED WITH
   1.16.1
